GEM
  remote: http://rubygems.org/
  specs:
    adsf (1.1.1)
      rack (>= 1.0.0)
    chunky_png (1.2.7)
    colored (1.2)
    compass (0.11.7)
      chunky_png (~> 1.2)
      fssm (>= 0.2.7)
      sass (~> 3.1)
    cri (2.3.0)
      colored (>= 1.2)
    fssm (0.2.10)
    haml (3.1.8)
    jsmin (1.0.1)
    listen (0.7.2)
    nanoc (3.5.0)
      cri (~> 2.2)
    rack (1.5.2)
    rack-contrib (1.1.0)
      rack (>= 0.9.1)
    rack-rewrite (1.3.3)
    rainpress (1.0)
    rake (10.0.3)
    rb-fsevent (0.9.3)
    rdiscount (1.6.8)
    sass (3.2.5)

PLATFORMS
  ruby

DEPENDENCIES
  adsf (~> 1.1.0)
  compass (~> 0.11.0)
  fssm (~> 0.2.0)
  haml (~> 3.1.0)
  jsmin (~> 1.0.0)
  listen (~> 0.7.2)
  nanoc (~> 3.5.0)
  rack
  rack-contrib
  rack-rewrite
  rainpress (~> 1.0.0)
  rake (~> 10.0.0)
  rb-fsevent (~> 0.9.1)
  rdiscount (~> 1.6.0)
  sass (~> 3.2.0)
