GEM
  remote: http://rubygems.org/
  specs:
    adsf (1.1.1)
      rack (>= 1.0.0)
    allison (2.0.3)
    chunky_png (1.3.4)
    colored (1.2)
    compass (0.11.7)
      chunky_png (~> 1.2)
      fssm (>= 0.2.7)
      sass (~> 3.1)
    cri (2.6.1)
      colored (~> 1.2)
    echoe (4.6.6)
      allison (>= 2.0.3)
      rake (>= 0.9.2)
      rdoc (>= 2.5.11)
      rubyforge (>= 2.0.4)
    fssm (0.2.10)
    haml (4.0.6)
      tilt
    jsmin (1.0.1)
    json (1.8.2)
    json_pure (1.8.2)
    kramdown (1.0.2)
    listen (0.7.3)
    nanoc (3.5.0)
      cri (~> 2.2)
    nokogiri (1.5.11)
    rack (1.6.0)
    rainpress (1.0)
      echoe
    rake (10.0.4)
    rb-fsevent (0.9.4)
    rdoc (4.2.0)
      json (~> 1.4)
    rubyforge (2.0.4)
      json_pure (>= 1.1.7)
    sass (3.2.19)
    tilt (2.0.1)
    w3c_validators (1.2)
      json
      nokogiri

PLATFORMS
  ruby

DEPENDENCIES
  adsf (~> 1.1.0)
  compass (~> 0.11.0)
  fssm (~> 0.2.0)
  haml (~> 4.0.0)
  jsmin (~> 1.0.0)
  kramdown (~> 1.0.1)
  listen (~> 0.7.2)
  nanoc (~> 3.5.0)
  nokogiri (~> 1.5.0)
  rainpress (~> 1.0.0)
  rb-fsevent (~> 0.9.1)
  sass (~> 3.2.0)
  w3c_validators (~> 1.2.0)
